{
	"Modality": "MR",
	"MagneticFieldStrength": 3,
	"ImagingFrequency": 123.167119,
	"Manufacturer": "Siemens",
	"ManufacturersModelName": "MAGNETOM Prisma",
	"InstitutionName": "Boston Childrens Hospital",
	"InstitutionalDepartmentName": "MRI",
	"InstitutionAddress": "Brookline Place 2,Brookline,Boston,US,02445",
	"DeviceSerialNumber": "166200",
	"StationName": "AWP166200",
	"BodyPart": "BRAIN",
	"PatientPosition": "HFS",
	"ProcedureStepDescription": "Daily QA and toolbox NEURO Routine",
	"SoftwareVersions": "syngo MR XA30",
	"MRAcquisitionType": "2D",
	"StudyDescription": "Daily QA and toolbox NEURO Routine",
	"SeriesDescription": "ep_4echo_phaseCorrFlags",
	"ProtocolName": "ep_4echo_phaseCorrFlags",
	"ScanningSequence": "EP",
	"SequenceVariant": "SK\\SP",
	"ScanOptions": "PFP\\FS",
	"PulseSequenceName": "epse2d4_128",
	"ImageType": ["ORIGINAL", "PRIMARY", "DIFFUSION", "NONE", "MAGNITUDE"],
	"ImageTypeText": ["ORIGINAL", "PRIMARY", "DIFFUSION", "NONE", "ND"],
	"NonlinearGradientCorrection": false,
	"SeriesNumber": 15,
	"AcquisitionTime": "10:42:19.862500",
	"AcquisitionNumber": 1,
	"SliceThickness": 5,
	"SpacingBetweenSlices": 7.5,
	"TablePosition": [
		0,
		0,
		-0	],
	"EchoNumber": 2,
	"EchoTime": 0.09104,
	"RepetitionTime": 3,
	"MTState": false,
	"FlipAngle": 90,
	"PartialFourier": 0.75,
	"BaseResolution": 128,
	"ShimSetting": [
		1421,
		-6981,
		-3119,
		-255,
		-4,
		-302,
		-624,
		298	],
	"DiffusionScheme": "Monopolar",
	"TxRefAmp": 169.481,
	"PhaseResolution": 1,
	"ReceiveCoilName": "HeadNeck_64",
	"ReceiveCoilActiveElements": "HC1-7;NC1",
	"CoilString": "HeadNeck_64",
	"PulseSequenceDetails": "%CustomerSeq%\\ep_4echo_phaseCorrFlags",
	"RefLinesPE": 30,
	"CoilCombinationMethod": "Adaptive Combine",
	"ConsistencyInfo": "63010001",
	"MatrixCoilMode": "GRAPPA",
	"PercentPhaseFOV": 100,
	"PercentSampling": 100,
	"EchoTrainLength": 47,
	"PartialFourierDirection": "PHASE",
	"PhaseEncodingSteps": 128,
	"FrequencyEncodingSteps": 128,
	"AcquisitionMatrixPE": 128,
	"ReconMatrixPE": 128,
	"BandwidthPerPixelPhaseEncode": 25.615,
	"ParallelReductionFactorInPlane": 2,
	"ParallelAcquisitionTechnique": "GRAPPA",
	"EffectiveEchoSpacing": 0.000304997,
	"DerivedVendorReportedEchoSpacing": 0.000609994,
	"AcquisitionDuration": 31.887,
	"TotalReadoutTime": 0.0387346,
	"PixelBandwidth": 1953,
	"DwellTime": 2e-06,
	"PhaseEncodingDirection": "i",
	"SliceTiming": [
		1.0475,
		0,
		1.2575,
		0.21,
		1.4675,
		0.42,
		1.6775,
		0.63,
		1.8875,
		0.84	],
	"ImageOrientationPatientDICOM": [
		1,
		0,
		0,
		0,
		0,
		-1	],
	"InPlanePhaseEncodingDirectionDICOM": "ROW",
	"BidsGuess": ["dwi","_acq-epse2p2_dir-RL_run-15_echo-2_dwi"],
	"ConversionSoftware": "dcm2niix",
	"ConversionSoftwareVersion": "v1.0.20241211"
}
